PATH
  remote: .
  specs:
    sidekiq-process_manager (1.0.0)
      sidekiq (>= 3.0)

GEM
  remote: https://rubygems.org/
  specs:
    appraisal (2.2.0)
      bundler
      rake
      thor (>= 0.14.0)
    connection_pool (2.2.2)
    diff-lcs (1.3)
    rack (2.0.8)
    rack-protection (2.0.7)
      rack
    rake (12.3.3)
    redis (4.1.3)
    rspec (3.8.0)
      rspec-core (~> 3.8.0)
      rspec-expectations (~> 3.8.0)
      rspec-mocks (~> 3.8.0)
    rspec-core (3.8.2)
      rspec-support (~> 3.8.0)
    rspec-expectations (3.8.4)
      diff-lcs (>= 1.2.0, < 2.0)
      rspec-support (~> 3.8.0)
    rspec-mocks (3.8.1)
      diff-lcs (>= 1.2.0, < 2.0)
      rspec-support (~> 3.8.0)
    rspec-support (3.8.2)
    sidekiq (6.0.0)
      connection_pool (>= 2.2.2)
      rack (>= 2.0.0)
      rack-protection (>= 2.0.0)
      redis (>= 4.1.0)
    thor (0.20.3)

PLATFORMS
  ruby

DEPENDENCIES
  appraisal
  bundler (~> 1.10)
  rake
  rspec (~> 3.0)
  sidekiq-process_manager!

BUNDLED WITH
   1.17.2
